GEM
  remote: https://rubygems.org/
  specs:
    addressable (2.3.5)
    coderay (1.0.9)
    faraday (0.8.8)
      multipart-post (~> 1.2.0)
    faraday_middleware (0.9.0)
      faraday (>= 0.7.4, < 0.9)
    gem-man (0.3.0)
    gist (4.1.1)
      json
    git-new-fb (2.0.2)
      git-process-lib (= 2.0.2)
    git-process (2.0.2)
      git-new-fb (= 2.0.2)
      git-pull-req (= 2.0.2)
      git-sync (= 2.0.2)
      git-to-master (= 2.0.2)
    git-process-lib (2.0.2)
      addressable (~> 2.3.4)
      gem-man (~> 0.3)
      highline (= 1.6.13)
      json (~> 1.7.3)
      octokit (~> 1.24)
      trollop (~> 1.16.2)
    git-pull-req (2.0.2)
      git-process-lib (= 2.0.2)
    git-sync (2.0.2)
      git-process-lib (= 2.0.2)
    git-to-master (2.0.2)
      git-process-lib (= 2.0.2)
    hashie (2.0.5)
    highline (1.6.13)
    json (1.7.7)
    method_source (0.8.2)
    multi_json (1.8.0)
    multipart-post (1.2.0)
    netrc (0.7.7)
    octokit (1.25.0)
      addressable (~> 2.2)
      faraday (~> 0.8)
      faraday_middleware (~> 0.9)
      hashie (~> 2.0)
      multi_json (~> 1.3)
      netrc (~> 0.7.7)
    plist (3.1.0)
    pry (0.9.12.2)
      coderay (~> 1.0.5)
      method_source (~> 0.8)
      slop (~> 3.4)
    pry-theme (0.2.0)
      json
    rake (10.0.3)
    slop (3.4.6)
    trollop (1.16.2)
    uuidtools (2.1.4)
    yard (0.8.7)

PLATFORMS
  ruby

DEPENDENCIES
  gist
  git-process
  plist (~> 3.1)
  pry
  pry-theme
  rake
  uuidtools (~> 2.1)
  yard
