GEM
  remote: https://rubygems.org/
  specs:
    plist (3.1.0)
    uuidtools (2.1.4)

PLATFORMS
  ruby

DEPENDENCIES
  plist (~> 3.1)
  uuidtools (~> 2.1)
