GEM
  remote: https://rubygems.org/
  specs:
    plist (3.1.0)
    rake (10.0.3)
    uuidtools (2.1.4)
    yard (0.8.7)

PLATFORMS
  ruby

DEPENDENCIES
  plist (~> 3.1)
  rake
  uuidtools (~> 2.1)
  yard
