GEM
  remote: https://rubygems.org/
  specs:
    activesupport (3.2.16)
      i18n (~> 0.6, >= 0.6.4)
      multi_json (~> 1.0)
    addressable (2.3.5)
    ast (1.1.0)
    choice (0.1.6)
    coderay (1.1.0)
    faraday (0.8.9)
      multipart-post (~> 1.2.0)
    faraday_middleware (0.9.0)
      faraday (>= 0.7.4, < 0.9)
    gem-man (0.3.0)
    gist (4.2.0)
    git (1.2.6)
    git-new-fb (2.0.2)
      git-process-lib (= 2.0.2)
    git-process (2.0.2)
      git-new-fb (= 2.0.2)
      git-pull-req (= 2.0.2)
      git-sync (= 2.0.2)
      git-to-master (= 2.0.2)
    git-process-lib (2.0.2)
      addressable (~> 2.3.4)
      gem-man (~> 0.3)
      highline (= 1.6.13)
      json (~> 1.7.3)
      octokit (~> 1.24)
      trollop (~> 1.16.2)
    git-pull-req (2.0.2)
      git-process-lib (= 2.0.2)
    git-sync (2.0.2)
      git-process-lib (= 2.0.2)
    git-to-master (2.0.2)
      git-process-lib (= 2.0.2)
    hashie (2.0.5)
    highline (1.6.13)
    httmultiparty (0.3.10)
      httparty (>= 0.7.3)
      multipart-post
    httparty (0.11.0)
      multi_json (~> 1.0)
      multi_xml (>= 0.5.2)
    i18n (0.6.9)
    json (1.7.7)
    launchy (2.2.0)
      addressable (~> 2.3)
    lolcommits (0.5.2)
      activesupport (~> 3.2.12)
      choice (~> 0.1.6)
      git (~> 1.2.5)
      httmultiparty
      httparty (~> 0.11.0)
      json (~> 1.7.6)
      launchy (~> 2.2.0)
      methadone (~> 1.2.4)
      mime-types (~> 1.25)
      mini_magick (~> 3.5)
      oauth
      open4 (~> 1.3.0)
      rest-client
      twitter (~> 4.8.1)
    methadone (1.2.6)
      bundler
    method_source (0.8.2)
    mime-types (1.25.1)
    mini_magick (3.7.0)
      subexec (~> 0.2.1)
    multi_json (1.8.4)
    multi_xml (0.5.5)
    multipart-post (1.2.0)
    netrc (0.7.7)
    oauth (0.4.7)
    octokit (1.25.0)
      addressable (~> 2.2)
      faraday (~> 0.8)
      faraday_middleware (~> 0.9)
      hashie (~> 2.0)
      multi_json (~> 1.3)
      netrc (~> 0.7.7)
    open4 (1.3.0)
    parser (2.1.4)
      ast (~> 1.1)
      slop (~> 3.4, >= 3.4.5)
    plist (3.1.0)
    powerpack (0.0.9)
    pry (0.9.12.4)
      coderay (~> 1.0)
      method_source (~> 0.8)
      slop (~> 3.4)
    rainbow (1.99.1)
    rake (10.1.1)
    rest-client (1.6.7)
      mime-types (>= 1.16)
    rubocop (0.16.0)
      parser (~> 2.1)
      powerpack (~> 0.0.6)
      rainbow (>= 1.1.4)
    simple_oauth (0.2.0)
    slop (3.4.7)
    subexec (0.2.3)
    trollop (1.16.2)
    twitter (4.8.1)
      faraday (~> 0.8, < 0.10)
      multi_json (~> 1.0)
      simple_oauth (~> 0.2)
    uuidtools (2.1.4)
    yard (0.8.7.3)

PLATFORMS
  ruby

DEPENDENCIES
  gist
  git-process
  lolcommits
  plist (~> 3.1)
  pry
  rake
  rubocop
  uuidtools (~> 2.1)
  yard
